GIT
  remote: https://github.com/f1sales/f1sales_helpers.git
  revision: 3c3f8eb9679b4e6296f8929fb8a20813936b8205
  branch: master
  specs:
    f1sales_helpers (0.1.0)

GIT
  remote: https://github.com/marciok/f1sales_custom-email.git
  revision: 6cad18ba9095284c15da97d7afd50aa47cc711a8
  branch: master
  specs:
    f1sales_custom-email (0.1.0)

GIT
  remote: https://github.com/marciok/f1sales_custom-hooks.git
  revision: 6e00712d0fdaf083ea4dab8b621c247dd7dd1142
  branch: master
  specs:
    f1sales_custom-hooks (0.1.2)

PATH
  remote: .
  specs:
    viavr (0.1.0)

GEM
  remote: https://rubygems.org/
  specs:
    ast (2.4.2)
    byebug (11.1.3)
    concurrent-ruby (1.2.2)
    diff-lcs (1.5.0)
    faker (2.22.0)
      i18n (>= 1.8.11, < 2)
    i18n (1.12.0)
      concurrent-ruby (~> 1.0)
    json (2.6.3)
    parallel (1.22.1)
    parser (3.2.1.1)
      ast (~> 2.4.1)
    rainbow (3.1.1)
    rake (13.0.6)
    regexp_parser (2.7.0)
    rexml (3.2.5)
    rspec (3.12.0)
      rspec-core (~> 3.12.0)
      rspec-expectations (~> 3.12.0)
      rspec-mocks (~> 3.12.0)
    rspec-core (3.12.0)
      rspec-support (~> 3.12.0)
    rspec-expectations (3.12.0)
      diff-lcs (>= 1.2.0, < 2.0)
      rspec-support (~> 3.12.0)
    rspec-mocks (3.12.1)
      diff-lcs (>= 1.2.0, < 2.0)
      rspec-support (~> 3.12.0)
    rspec-support (3.12.0)
    rubocop (1.48.1)
      json (~> 2.3)
      parallel (~> 1.10)
      parser (>= 3.2.0.0)
      rainbow (>= 2.2.2, < 4.0)
      regexp_parser (>= 1.8, < 3.0)
      rexml (>= 3.2.5, < 4.0)
      rubocop-ast (>= 1.26.0, < 2.0)
      ruby-progressbar (~> 1.7)
      unicode-display_width (>= 2.4.0, < 3.0)
    rubocop-ast (1.27.0)
      parser (>= 3.2.1.0)
    ruby-progressbar (1.13.0)
    unicode-display_width (2.4.2)

PLATFORMS
  x86_64-linux

DEPENDENCIES
  byebug
  f1sales_custom-email!
  f1sales_custom-hooks!
  f1sales_helpers!
  faker
  rake (~> 13.0)
  rspec (~> 3.0)
  rubocop
  viavr!

BUNDLED WITH
   2.3.10
